PATH
  remote: .
  specs:
    loldata (0.0.1)

GEM
  remote: http://rubygems.org/
  specs:
    nokogiri (1.5.0)

PLATFORMS
  ruby

DEPENDENCIES
  loldata!
  nokogiri
